PATH
  remote: .
  specs:
    business-day (0.1.1)

GEM
  remote: https://rubygems.org/
  specs:
    rake (13.0.6)

PLATFORMS
  x86_64-darwin-21

DEPENDENCIES
  business-day!
  rake (~> 13.0)

BUNDLED WITH
   2.4.5
